PATH
  remote: .
  specs:
    locomotive_wubook_plugin (1.0.5)
      locomotive_plugins (~> 1.2)
      wubook_wired (~> 1.0)

GEM
  remote: https://rubygems.org/
  specs:
    activemodel (3.2.21)
      activesupport (= 3.2.21)
      builder (~> 3.0.0)
    activesupport (3.2.21)
      i18n (~> 0.6, >= 0.6.4)
      multi_json (~> 1.0)
    bson (1.12.0)
    bson_ext (1.12.0)
      bson (~> 1.12.0)
    builder (3.0.4)
    diff-lcs (1.2.5)
    haml (4.0.6)
      tilt
    i18n (0.7.0)
    locomotive_liquid (2.4.2)
    locomotive_plugins (1.2.0)
      bson_ext
      haml (~> 4.0)
      locomotive_liquid (~> 2.4)
      mongoid (~> 3.1.5)
    metaclass (0.0.4)
    mocha (0.14.0)
      metaclass (~> 0.0.1)
    mongoid (3.1.6)
      activemodel (~> 3.2)
      moped (~> 1.4)
      origin (~> 1.0)
      tzinfo (~> 0.3.29)
    moped (1.5.2)
    multi_json (1.10.1)
    origin (1.1.0)
    rspec (2.99.0)
      rspec-core (~> 2.99.0)
      rspec-expectations (~> 2.99.0)
      rspec-mocks (~> 2.99.0)
    rspec-core (2.99.2)
    rspec-expectations (2.99.2)
      diff-lcs (>= 1.1.3, < 2.0)
    rspec-mocks (2.99.3)
    tilt (2.0.1)
    tzinfo (0.3.43)
    wubook_wired (1.0.2)
      xmlparser (~> 0.7.2)
    xmlparser (0.7.2.1)

PLATFORMS
  ruby

DEPENDENCIES
  locomotive_wubook_plugin!
  mocha (~> 0.13)
  rspec (~> 2.12)
  wubook_wired (~> 1.0.0)
